GEM
  remote: https://rubygems.org/
  specs:
    arel (6.0.3)

PLATFORMS
  ruby

DEPENDENCIES
  arel

BUNDLED WITH
   1.10.6
